GEM
  remote: http://rubygems.org/
  specs:
    RedCloth (4.2.8)
    activesupport (2.3.6)
    adsf (1.0.1)
      rack (>= 1.0.0)
    builder (3.0.0)
    cri (2.0.2)
    mail (2.2.5)
      activesupport (>= 2.3.6)
      mime-types
      treetop (>= 1.4.5)
    mime-types (1.17.2)
    nanoc (3.2.3)
      nanoc3 (>= 3.2.3)
    nanoc3 (3.2.3)
      cri (~> 2.0)
    polyglot (0.3.3)
    pony (1.3)
      mail (> 2.0)
    rack (1.3.5)
    rack-protection (1.1.4)
      rack
    rake (0.9.2.2)
    rdiscount (1.6.8)
    sinatra (1.3.1)
      rack (~> 1.3, >= 1.3.4)
      rack-protection (~> 1.1, >= 1.1.2)
      tilt (~> 1.3, >= 1.3.3)
    tilt (1.3.3)
    treetop (1.4.10)
      polyglot
      polyglot (>= 0.3.1)

PLATFORMS
  ruby

DEPENDENCIES
  RedCloth
  activesupport (= 2.3.6)
  adsf
  builder
  mail (= 2.2.5)
  nanoc
  pony
  rack
  rake
  rdiscount
  sinatra
